{
	"TaskName": "p300",
	"Manufacturer": "Brain Products",
	"PowerLineFrequency": 50.0,
	"SamplingFrequency": 1000.0,
	"SoftwareFilters": "n/a",
	"RecordingDuration": 173.053,
	"RecordingType": "continuous",
	"EEGReference": "nose",
	"EEGGround": "FCz",
	"EEGPlacementScheme": "10-20 system",
	"EEGChannelCount": 31,
	"EOGChannelCount": 0,
	"ECGChannelCount": 0,
	"EMGChannelCount": 0,
	"TriggerChannelCount": 0,
	"ManufacturersModelName": "BrainAmp DC",
	"CapManufacturer": "EasyCap",
	"SoftwareVersions": "n/a",
	"HardwareFilters": "n/a",
	"TaskDescription": "Visual ERP speller copy-spelling task using a 6x7 grid with learning from label proportions (LLP) classifier. Two sequences with different target/non-target ratios: sequence 1 (3 targets/8 stimuli), sequence 2 (2 targets/18 stimuli). Unsupervised calibrationless approach. Trial duration: 25.0s, SOA: 250.0ms.",
	"Instructions": "Copy-spelling task: subjects spelled the sentence 'FRANZY JAGT IM KOMPLETT VERWAHRLOSTEN TAXI QUER DURCH FREIBURG' three times",
	"CogAtlasID": "https://www.cognitiveatlas.org/task/id/tsk_GxjZBNiJorj1K/",
	"InstitutionName": "Albert-Ludwigs-University",
	"InstitutionAddress": "Freiburg, Germany",
	"InstitutionalDepartmentName": "Brain State Decoding Lab, Cluster of Excellence BrainLinks-BrainTools, Department of Computer Science",
	"CapManufacturersModelName": "n/a",
	"SubjectArtefactDescription": "Impedance kept below 20.0 kOhm",
	"DeviceSerialNumber": "n/a",
	"Description": "EEG recording.",
	"MISCChannelCount": 0
}